GIT
  remote: https://github.com/CocoaPods/CLAide
  revision: 7f26d3d016efeea728ed0e608357e910d4c6e8f9
  specs:
    claide (1.0.2)

GIT
  remote: https://github.com/segiddins/json.git
  revision: a9588bc4334c2f5bf985f255b61c05eafdcd8907
  branch: seg-1.7.7-ruby-2.2
  specs:
    json (1.7.7)

PATH
  remote: .
  specs:
    xcodeproj (1.5.3)
      CFPropertyList (~> 2.3.3)
      claide (>= 1.0.2, < 2.0)
      colored2 (~> 3.1)
      nanaimo (~> 0.2.3)

GEM
  remote: http://rubygems.org/
  specs:
    CFPropertyList (2.3.5)
    addressable (2.5.1)
      public_suffix (~> 2.0, >= 2.0.2)
    ast (2.3.0)
    bacon (1.2.0)
    claide-plugins (0.9.2)
      cork
      nap
      open4 (~> 1.3)
    codeclimate-test-reporter (0.4.8)
      simplecov (>= 0.7.1, < 1.0.0)
    colored2 (3.1.2)
    cork (0.3.0)
      colored2 (~> 3.1)
    danger (5.3.0)
      claide (~> 1.0)
      claide-plugins (>= 0.9.2)
      colored2 (~> 3.1)
      cork (~> 0.1)
      faraday (~> 0.9)
      faraday-http-cache (~> 1.0)
      git (~> 1)
      kramdown (~> 1.5)
      octokit (~> 4.2)
      terminal-table (~> 1)
    docile (1.1.5)
    faraday (0.12.1)
      multipart-post (>= 1.2, < 3)
    faraday-http-cache (1.3.1)
      faraday (~> 0.8)
    ffi (1.9.17)
    git (1.3.0)
    kicker (3.0.0)
      listen (~> 1.3.0)
      notify (~> 0.5.2)
    kramdown (1.13.2)
    listen (1.3.1)
      rb-fsevent (>= 0.9.3)
      rb-inotify (>= 0.9)
      rb-kqueue (>= 0.2)
    metaclass (0.0.4)
    mocha (1.2.1)
      metaclass (~> 0.0.1)
    mocha-on-bacon (0.2.3)
      mocha (>= 0.13.0)
    multi_json (1.12.1)
    multipart-post (2.0.0)
    nanaimo (0.2.3)
    nap (1.1.0)
    notify (0.5.2)
    octokit (4.7.0)
      sawyer (~> 0.8.0, >= 0.5.3)
    open4 (1.3.4)
    parser (2.4.0.0)
      ast (~> 2.2)
    powerpack (0.1.1)
    prettybacon (0.0.2)
      bacon (~> 1.2)
    public_suffix (2.0.5)
    rainbow (2.2.1)
    rake (12.0.0)
    rb-fsevent (0.9.8)
    rb-inotify (0.9.8)
      ffi (>= 0.5.0)
    rb-kqueue (0.2.4)
      ffi (>= 0.5.0)
    rubocop (0.47.1)
      parser (>= 2.3.3.1, < 3.0)
      powerpack (~> 0.1)
      rainbow (>= 1.99.1, < 3.0)
      ruby-progressbar (~> 1.7)
      unicode-display_width (~> 1.0, >= 1.0.1)
    ruby-progressbar (1.8.1)
    sawyer (0.8.1)
      addressable (>= 2.3.5, < 2.6)
      faraday (~> 0.8, < 1.0)
    simplecov (0.9.2)
      docile (~> 1.1.0)
      multi_json (~> 1.0)
      simplecov-html (~> 0.9.0)
    simplecov-html (0.9.0)
    terminal-table (1.8.0)
      unicode-display_width (~> 1.1, >= 1.1.1)
    unicode-display_width (1.2.1)

PLATFORMS
  ruby

DEPENDENCIES
  bacon
  claide!
  codeclimate-test-reporter (~> 0.4.1)
  danger
  json!
  kicker
  mocha
  mocha-on-bacon
  prettybacon
  rake
  rubocop
  simplecov
  xcodeproj!

BUNDLED WITH
   1.14.6
