PATH
  remote: .
  specs:
    xcodeproj (0.3.5)
      activesupport (~> 3.2.6)
      colored (~> 1.2)

GEM
  remote: http://rubygems.org/
  specs:
    activesupport (3.2.8)
      i18n (~> 0.6)
      multi_json (~> 1.0)
    bacon (1.1.0)
    colored (1.2)
    ffi (1.1.5)
    github-markup (0.7.4)
    i18n (0.6.1)
    kicker (2.6.1)
      listen
    listen (0.4.7)
      rb-fchange (~> 0.0.5)
      rb-fsevent (~> 0.9.1)
      rb-inotify (~> 0.8.8)
    multi_json (1.3.6)
    rake (0.9.2.2)
    rb-fchange (0.0.5)
      ffi
    rb-fsevent (0.9.1)
    rb-inotify (0.8.8)
      ffi (>= 0.5.0)
    redcarpet (2.1.1)
    yard (0.8.2.1)

PLATFORMS
  ruby

DEPENDENCIES
  bacon
  github-markup
  kicker
  rake
  redcarpet
  xcodeproj!
  yard
